GIT
  remote: git://github.com/bborn/authlogic.git
  revision: 03ed66a97174ba63fb2601d0193423f2ac8c55f0
  specs:
    authlogic (2.1.6)
      activesupport

GIT
  remote: git://github.com/bborn/meta_search.git
  revision: 803e32bc4d2934bb83b03d6345586c659c057ac5
  branch: rails3.1
  specs:
    meta_search (1.0.1)
      actionpack (~> 3.1.0.beta)
      activerecord (~> 3.1.0.beta)
      activesupport (~> 3.1.0.beta)
      arel (~> 2.0.6)

GIT
  remote: git://github.com/bborn/rails.git
  revision: 1bedee56314ff1de2d186ca56adbe4059f4b0af3
  specs:
    actionmailer (3.1.0.beta)
      actionpack (= 3.1.0.beta)
      mail (~> 2.2.15)
    actionpack (3.1.0.beta)
      activemodel (= 3.1.0.beta)
      activesupport (= 3.1.0.beta)
      builder (~> 3.0.0)
      erubis (~> 2.6.6)
      i18n (~> 0.5.0)
      rack (~> 1.2.1)
      rack-cache (~> 1.0.0)
      rack-mount (~> 0.6.13)
      rack-test (~> 0.5.7)
      tzinfo (~> 0.3.23)
    activemodel (3.1.0.beta)
      activesupport (= 3.1.0.beta)
      bcrypt-ruby (~> 2.1.4)
      builder (~> 3.0.0)
      i18n (~> 0.5.0)
    activerecord (3.1.0.beta)
      activemodel (= 3.1.0.beta)
      activesupport (= 3.1.0.beta)
      arel (~> 2.0.2)
      tzinfo (~> 0.3.23)
    activeresource (3.1.0.beta)
      activemodel (= 3.1.0.beta)
      activesupport (= 3.1.0.beta)
    activesupport (3.1.0.beta)
    rails (3.1.0.beta)
      actionmailer (= 3.1.0.beta)
      actionpack (= 3.1.0.beta)
      activerecord (= 3.1.0.beta)
      activeresource (= 3.1.0.beta)
      activesupport (= 3.1.0.beta)
      bundler (~> 1.0)
      railties (= 3.1.0.beta)
    railties (3.1.0.beta)
      actionpack (= 3.1.0.beta)
      activesupport (= 3.1.0.beta)
      rake (>= 0.8.7)
      thor (~> 0.14.4)

GIT
  remote: git://github.com/rack/rack.git
  revision: ee1285f959eb77e450997676aee5026280d81bde
  specs:
    rack (1.2.1)

GIT
  remote: git://github.com/rails/arel.git
  revision: e8563a6234b4f60f8d756d89b3b35026a467694e
  specs:
    arel (2.0.7.beta.20110228092631)

GIT
  remote: http://github.com/paneq/calendar_date_select.git
  revision: 8e7ec79435a68665df40b14bd90f47e6ac5e9135
  branch: rails3test
  specs:
    calendar_date_select (1.16.1)

GIT
  remote: https://abuiles@github.com/abuiles/communityengine.git
  revision: 763fe5ce1b3e4782212de709c6b3671c199d3e55
  branch: rails3
  specs:
    community_engine (1.9.9)
      acts_as_commentable (~> 3.0.0)
      authlogic
      aws-s3
      calendar_date_select
      community_engine
      configatron
      dynamic_form
      friendly_id (= 3.2.1)
      haml
      hpricot
      htmlentities
      meta_search
      omniauth (~> 0.2.0.beta3)
      paperclip (~> 2.3)
      rack (= 1.2.1)
      rails (= 3.1.0.beta)
      rakismet
      recaptcha
      ri_cal
      simplecov
      sqlite3
      will_paginate (~> 3.0.pre2)

GIT
  remote: https://github.com/intridea/omniauth.git
  revision: 501f3f5cbdbb275fb27b4295d1ee48333153791e
  specs:
    oa-basic (0.2.1)
      multi_json (~> 0.0.2)
      nokogiri (~> 1.4.2)
      oa-core (= 0.2.1)
      rest-client (~> 1.6.0)
    oa-core (0.2.1)
      rack (~> 1.1)
    oa-enterprise (0.2.1)
      net-ldap (~> 0.1.1)
      nokogiri (~> 1.4.2)
      oa-core (= 0.2.1)
      pyu-ruby-sasl (~> 0.0.3.1)
      rubyntlm (~> 0.1.1)
    oa-more (0.2.1)
      multi_json (~> 0.0.2)
      oa-core (= 0.2.1)
      rest-client (~> 1.6.0)
    oa-oauth (0.2.1)
      multi_json (~> 0.0.2)
      nokogiri (~> 1.4.2)
      oa-core (= 0.2.1)
      oauth (~> 0.4.0)
      oauth2 (~> 0.2.0)
    oa-openid (0.2.1)
      oa-core (= 0.2.1)
      rack-openid (~> 1.2.0)
      ruby-openid-apps-discovery
    omniauth (0.2.1)
      oa-basic (= 0.2.1)
      oa-core (= 0.2.1)
      oa-enterprise (= 0.2.1)
      oa-more (= 0.2.1)
      oa-oauth (= 0.2.1)
      oa-openid (= 0.2.1)

GEM
  remote: http://rubygems.org/
  specs:
    abstract (1.0.0)
    acts_as_commentable (3.0.1)
    addressable (2.2.4)
    aws-s3 (0.6.2)
      builder
      mime-types
      xml-simple
    babosa (0.2.2)
    bcrypt-ruby (2.1.4)
    builder (3.0.0)
    configatron (2.7.2)
      yamler (>= 0.1.0)
    dynamic_form (1.1.3)
    erubis (2.6.6)
      abstract (>= 1.0.0)
    faraday (0.6.0)
      addressable (~> 2.2.4)
      multipart-post (~> 1.1.0)
      rack (>= 1.1.0, < 2)
    friendly_id (3.2.1)
      babosa (~> 0.2.1)
    haml (3.0.25)
    hpricot (0.8.4)
    htmlentities (4.3.0)
    i18n (0.5.0)
    mail (2.2.15)
      activesupport (>= 2.3.6)
      i18n (>= 0.4.0)
      mime-types (~> 1.16)
      treetop (~> 1.4.8)
    mime-types (1.16)
    multi_json (0.0.5)
    multipart-post (1.1.0)
    net-ldap (0.1.1)
    nokogiri (1.4.4)
    oauth (0.4.4)
    oauth2 (0.2.0)
      faraday (~> 0.6.0)
      multi_json (~> 0.0.4)
    paperclip (2.3.8)
      activerecord
      activesupport
    polyglot (0.3.1)
    pyu-ruby-sasl (0.0.3.2)
    rack-cache (1.0)
      rack (>= 0.4)
    rack-mount (0.6.14)
      rack (>= 1.0.0)
    rack-openid (1.2.0)
      rack (>= 1.1.0)
      ruby-openid (>= 2.1.8)
    rack-test (0.5.7)
      rack (>= 1.0)
    rake (0.8.7)
    rakismet (1.0.1)
    recaptcha (0.3.1)
    rest-client (1.6.1)
      mime-types (>= 1.16)
    ri_cal (0.8.8)
    ruby-openid (2.1.8)
    ruby-openid-apps-discovery (1.2.0)
      ruby-openid (>= 2.1.7)
    rubyntlm (0.1.1)
    simplecov (0.4.2)
      simplecov-html (~> 0.4.4)
    simplecov-html (0.4.4)
    sqlite3 (1.3.3)
    thor (0.14.6)
    treetop (1.4.9)
      polyglot (>= 0.3.1)
    tzinfo (0.3.26)
    will_paginate (3.0.pre2)
    xml-simple (1.0.15)
    yamler (0.1.0)

PLATFORMS
  ruby

DEPENDENCIES
  arel!
  authlogic!
  calendar_date_select!
  community_engine (= 1.9.9)!
  meta_search!
  omniauth!
  rack!
  rails!
  sqlite3
